GEM
  remote: http://rubygems.org/
  specs:
    charlock_holmes (0.7.3)
    rake (12.0.0)

PLATFORMS
  ruby

DEPENDENCIES
  charlock_holmes
  rake

BUNDLED WITH
   1.13.7
