GEM
  remote: http://rubygems.org/
  specs:
    charlock_holmes (0.7.3)
    rake (13.1.0)

PLATFORMS
  ruby

DEPENDENCIES
  charlock_holmes
  rake (>= 12.3.3)

BUNDLED WITH
   1.17.3
